GEM
  remote: https://rubygems.org/
  specs:
    coderay (1.0.8)
    developwithpassion_arrays (0.0.1)
    diff-lcs (1.1.3)
    fakes (1.0.2)
      developwithpassion_arrays
    fakes-rspec (1.0.2)
      fakes
      rspec
    guard (1.6.1)
      listen (>= 0.6.0)
      lumberjack (>= 1.0.2)
      pry (>= 0.9.10)
      thor (>= 0.14.6)
    guard-rspec (2.3.3)
      guard (>= 1.1)
      rspec (~> 2.11)
    listen (0.7.2)
    lumberjack (1.0.2)
    method_source (0.8.1)
    pry (0.9.11.1)
      coderay (~> 1.0.5)
      method_source (~> 0.8)
      slop (~> 3.4)
    pry (0.9.11.1-java)
      coderay (~> 1.0.5)
      method_source (~> 0.8)
      slop (~> 3.4)
      spoon (~> 0.0)
    rspec (2.12.0)
      rspec-core (~> 2.12.0)
      rspec-expectations (~> 2.12.0)
      rspec-mocks (~> 2.12.0)
    rspec-core (2.12.2)
    rspec-expectations (2.12.1)
      diff-lcs (~> 1.1.3)
    rspec-mocks (2.12.1)
    slop (3.4.3)
    spoon (0.0.1)
    thor (0.16.0)

PLATFORMS
  java
  ruby

DEPENDENCIES
  fakes-rspec
  guard-rspec
  rspec
